STORAGE: NONE
RESTRICTION: == net50
NUGET
  remote: https://kmddk.pkgs.visualstudio.com/flowerpot/_packaging/hobbes/nuget/v3/index.json
    Accord (3.8.0)
    Accord.MachineLearning (3.8.0)
      Accord (>= 3.8)
      Accord.Math (>= 3.8)
      Accord.Statistics (>= 3.8)
    Accord.Math (3.8.0)
      Accord (>= 3.8)
    Accord.Statistics (3.8.0)
      Accord (>= 3.8)
      Accord.Math (>= 3.8)
    Deedle (2.3.0)
      FSharp.Core (>= 4.5.2)
    Fable.Core (3.2.6)
      FSharp.Core (>= 4.7.2)
    FParsec (1.1.1)
      FSharp.Core (>= 4.3.4)
    FSharp.Control.Websockets (0.2.2)
      FSharp.Core (>= 4.3.4)
      Microsoft.IO.RecyclableMemoryStream (>= 1.2.2)
    FSharp.Core (5.0.1)
    FSharp.Data (4.0.1)
      FSharp.Core (>= 4.7.2)
    Giraffe (4.1.0)
      FSharp.Core (>= 4.7)
      Microsoft.IO.RecyclableMemoryStream (>= 1.2.2)
      Newtonsoft.Json (>= 12.0.2)
      TaskBuilder.fs (>= 2.1)
      Utf8Json (>= 1.3.7)
    hobbes.core (2.1.688758)
      Accord.MachineLearning (>= 3.8)
      Deedle (>= 2.3)
      FParsec (>= 1.1.1)
      FSharp.Core (>= 5.0.1)
      Thoth.Json.Net (>= 5.0)
      yaml-parser (>= 1.0)
    hobbes.web (2.0.18)
      FSharp.Core (>= 5.0)
      FSharp.Data (>= 4.0.1)
      Giraffe (>= 4.1)
      Newtonsoft.Json (>= 13.0.1)
      Saturn (>= 0.14.1)
      Thoth.Json.Net (>= 5.0)
    Microsoft.AspNetCore.Authentication.JwtBearer (5.0.5)
      Microsoft.IdentityModel.Protocols.OpenIdConnect (>= 6.7.1)
    Microsoft.CSharp (4.7.0)
    Microsoft.Extensions.PlatformAbstractions (1.1.0)
      NETStandard.Library (>= 1.6.1)
      System.Reflection.TypeExtensions (>= 4.3)
    Microsoft.IdentityModel.JsonWebTokens (6.10.2)
      Microsoft.IdentityModel.Tokens (>= 6.10.2)
    Microsoft.IdentityModel.Logging (6.10.2)
    Microsoft.IdentityModel.Protocols (6.10.2)
      Microsoft.IdentityModel.Logging (>= 6.10.2)
      Microsoft.IdentityModel.Tokens (>= 6.10.2)
    Microsoft.IdentityModel.Protocols.OpenIdConnect (6.10.2)
      Microsoft.IdentityModel.Protocols (>= 6.10.2)
      System.IdentityModel.Tokens.Jwt (>= 6.10.2)
    Microsoft.IdentityModel.Tokens (6.10.2)
      Microsoft.CSharp (>= 4.5)
      Microsoft.IdentityModel.Logging (>= 6.10.2)
      System.Security.Cryptography.Cng (>= 4.5)
    Microsoft.IO.RecyclableMemoryStream (2.0.0)
    Microsoft.NETCore.Platforms (5.0.2)
    NETStandard.Library (2.0.3)
      Microsoft.NETCore.Platforms (>= 1.1)
    Newtonsoft.Json (13.0.1)
    RabbitMQ.Client (6.2.1)
      System.Memory (>= 4.5.4)
      System.Threading.Channels (>= 4.7.1)
    Saturn (0.14.1)
      FSharp.Control.Websockets (>= 0.2.2)
      FSharp.Core (>= 4.7.2)
      Giraffe (>= 4.1)
      Microsoft.AspNetCore.Authentication.JwtBearer (>= 3.0.3)
      System.Threading.Tasks.Dataflow (>= 4.11.1)
    System.Formats.Asn1 (5.0.0)
    System.IdentityModel.Tokens.Jwt (6.10.2)
      Microsoft.IdentityModel.JsonWebTokens (>= 6.10.2)
      Microsoft.IdentityModel.Tokens (>= 6.10.2)
    System.Memory (4.5.4)
    System.Reflection.Emit (4.7.0)
    System.Reflection.Emit.Lightweight (4.7.0)
    System.Reflection.TypeExtensions (4.7.0)
    System.Security.Cryptography.Cng (5.0.0)
      System.Formats.Asn1 (>= 5.0)
    System.Threading.Channels (5.0.0)
    System.Threading.Tasks.Dataflow (5.0.0)
    System.Threading.Tasks.Extensions (4.5.4)
    System.ValueTuple (4.5.0)
    TaskBuilder.fs (2.1.0)
      FSharp.Core (>= 4.1.17)
      NETStandard.Library (>= 1.6.1)
      System.ValueTuple (>= 4.4)
    Thoth.Json.Net (5.0.0)
      Fable.Core (>= 3.0 < 4.0)
      FSharp.Core (>= 4.7.2)
      Newtonsoft.Json (>= 11.0.2)
    Utf8Json (1.3.7)
      System.Reflection.Emit (>= 4.3)
      System.Reflection.Emit.Lightweight (>= 4.3)
      System.Threading.Tasks.Extensions (>= 4.4)
      System.ValueTuple (>= 4.4)
    yaml-parser (1.0.0)
      FParsec (>= 1.1.1)
